GEM
  remote: http://rubygems.org/
  specs:
    haml (3.1.2)
    rack (1.3.2)
    sinatra (1.2.6)
      rack (~> 1.1)
      tilt (< 2.0, >= 1.2.2)
    tilt (1.3.2)

PLATFORMS
  ruby

DEPENDENCIES
  bundler
  haml (~> 3.1.2)
  sinatra
