GEM
  remote: http://rubygems.org/
  specs:
    haml (3.1.2)
    nokogiri (1.5.0)
    rack (1.3.2)
    shotgun (0.9)
      rack (>= 1.0)
    sinatra (1.2.6)
      rack (~> 1.1)
      tilt (< 2.0, >= 1.2.2)
    tilt (1.3.2)

PLATFORMS
  ruby

DEPENDENCIES
  haml (~> 3.1.2)
  nokogiri
  shotgun
  sinatra
